GEM
  remote: http://rubygems.org/
  specs:
    aws-s3 (0.6.3)
      builder
      mime-types
      xml-simple
    builder (3.1.4)
    le (2.2.8)
    mail (2.5.4)
      mime-types (~> 1.16)
      treetop (~> 1.4.8)
    mime-types (1.25.1)
    os (0.9.6)
    polyglot (0.3.4)
    rack (1.5.2)
    rake (10.3.1)
    redcarpet (3.1.1)
    redis (3.1.0)
    treetop (1.4.15)
      polyglot
      polyglot (>= 0.3.1)
    user_agent_parser (2.1.5)
    xml-simple (1.1.4)

PLATFORMS
  ruby

DEPENDENCIES
  aws-s3
  le (~> 2.2)
  mail
  os
  rack
  rake
  redcarpet
  redis (~> 3.1.0)
  user_agent_parser
